GEM
  remote: https://rubygems.org/
  specs:
    digest (3.1.1)
    english (0.7.2)
    httparty (0.20.0)
      mime-types (~> 3.0)
      multi_xml (>= 0.5.2)
    mime-types (3.4.1)
      mime-types-data (~> 3.2015)
    mime-types-data (3.2022.0105)
    minitest (5.16.3)
    multi_xml (0.6.0)

PLATFORMS
  ruby

DEPENDENCIES
  digest
  english
  httparty
  minitest

BUNDLED WITH
   2.1.4
